GIT
  remote: git://github.com/floehopper/mocha.git
  revision: e0a00a7
  specs:
    mocha (0.9.8.20100819090654)
      rake

GEM
  remote: http://gemcutter.org/
  specs:
    activemodel (3.0.0.rc)
      activesupport (= 3.0.0.rc)
      builder (~> 2.1.2)
      i18n (~> 0.4.1)
    activesupport (3.0.0.rc)
    bson (1.0.4)
    bson_ext (1.0.4)
    builder (2.1.2)
    carrierwave-rails3 (0.4.5)
    diff-lcs (1.1.2)
    i18n (0.4.1)
    mongo (1.0.7)
      bson (>= 1.0.4)
    mongo_ext (0.19.3)
    mongoid (2.0.0.beta.16)
      activemodel (= 3.0.0.rc)
      bson (= 1.0.4)
      mongo (= 1.0.7)
      tzinfo (= 0.3.22)
      will_paginate (~> 3.0.pre)
    rake (0.8.7)
    rspec (2.0.0.beta.19)
      rspec-core (= 2.0.0.beta.19)
      rspec-expectations (= 2.0.0.beta.19)
      rspec-mocks (= 2.0.0.beta.19)
    rspec-core (2.0.0.beta.19)
    rspec-expectations (2.0.0.beta.19)
      diff-lcs (>= 1.1.2)
    rspec-mocks (2.0.0.beta.19)
    tzinfo (0.3.22)
    will_paginate (3.0.pre2)

PLATFORMS
  ruby

DEPENDENCIES
  activesupport (~> 3.0.0.rc)
  bson_ext (>= 1.0.1)
  carrierwave-rails3
  mocha!
  mongo_ext
  mongoid (= 2.0.0.beta.16)
  rspec (>= 2.0.0.beta.10)
