PATH
  remote: .
  specs:
    custom_fields (2.3.1)
      activesupport (~> 4.0.8)
      carrierwave-mongoid (~> 0.7.1)
      money (~> 5.1.1)
      mongoid (~> 4.0.0)

GEM
  remote: https://rubygems.org/
  specs:
    RedCloth (4.2.9)
    SystemTimer (1.2.3)
    activemodel (4.0.8)
      activesupport (= 4.0.8)
      builder (~> 3.1.0)
    activesupport (4.0.8)
      i18n (~> 0.6, >= 0.6.9)
      minitest (~> 4.2)
      multi_json (~> 1.3)
      thread_safe (~> 0.1)
      tzinfo (~> 0.3.37)
    bson (2.3.0)
    builder (3.1.4)
    carrierwave (0.10.0)
      activemodel (>= 3.2.0)
      activesupport (>= 3.2.0)
      json (>= 1.7)
      mime-types (>= 1.16)
    carrierwave-mongoid (0.7.1)
      carrierwave (>= 0.8.0, < 0.11.0)
      mongoid (>= 3.0, < 5.0)
      mongoid-grid_fs (>= 1.3, < 3.0)
    coderay (1.0.9)
    connection_pool (2.0.0)
    database_cleaner (0.9.1)
    diff-lcs (1.2.4)
    i18n (0.6.11)
    json (1.7.7)
    method_source (0.8.1)
    mime-types (2.3)
    minitest (4.7.5)
    mocha (0.9.12)
    money (5.1.1)
      i18n (~> 0.6.0)
    mongoid (4.0.0)
      activemodel (~> 4.0)
      moped (~> 2.0.0)
      origin (~> 2.1)
      tzinfo (>= 0.3.37)
    mongoid-grid_fs (2.1.0)
      mime-types (>= 1.0, < 3.0)
      mongoid (>= 3.0, < 5.0)
    moped (2.0.0)
      bson (~> 2.2)
      connection_pool (~> 2.0)
      optionable (~> 0.2.0)
    multi_json (1.10.1)
    optionable (0.2.0)
    origin (2.1.1)
    pry (0.9.12.2)
      coderay (~> 1.0.5)
      method_source (~> 0.8)
      slop (~> 3.4)
    rake (10.0.4)
    rspec (2.13.0)
      rspec-core (~> 2.13.0)
      rspec-expectations (~> 2.13.0)
      rspec-mocks (~> 2.13.0)
    rspec-core (2.13.1)
    rspec-expectations (2.13.0)
      diff-lcs (>= 1.1.3, < 2.0)
    rspec-mocks (2.13.1)
    simplecov (0.6.4)
      multi_json (~> 1.0)
      simplecov-html (~> 0.5.3)
    simplecov-html (0.5.3)
    slop (3.4.5)
    thread_safe (0.3.4)
    tzinfo (0.3.40)
    yard (0.7.5)

PLATFORMS
  ruby

DEPENDENCIES
  RedCloth (~> 4.2.8)
  SystemTimer
  bson
  custom_fields!
  database_cleaner (~> 0.9.1)
  json (~> 1.7.7)
  mocha (~> 0.9.12)
  pry
  rake
  rspec (~> 2.6)
  simplecov (~> 0.6.1)
  yard (~> 0.7.3)
