GIT
  remote: git://github.com/floehopper/mocha.git
  revision: d03843e763f4e5ceadb66bcb4c530d6c5d0cb293
  specs:
    mocha (0.9.12.20110213002255)

GEM
  remote: http://rubygems.org/
  specs:
    SystemTimer (1.2.3)
    activemodel (3.0.9)
      activesupport (= 3.0.9)
      builder (~> 2.1.2)
      i18n (~> 0.5.0)
    activesupport (3.0.9)
    archive-tar-minitar (0.5.2)
    bson (1.3.1)
    bson_ext (1.3.1)
    builder (2.1.2)
    carrierwave (0.5.4)
      activesupport (~> 3.0)
    columnize (0.3.3)
    database_cleaner (0.6.7)
    diff-lcs (1.1.2)
    i18n (0.5.0)
    linecache (0.45)
    linecache19 (0.5.12)
      ruby_core_source (>= 0.1.4)
    mongo (1.3.1)
      bson (>= 1.3.1)
    mongoid (2.0.2)
      activemodel (~> 3.0)
      mongo (~> 1.3)
      tzinfo (~> 0.3.22)
    rake (0.9.2)
    rdoc (3.6.1)
    rspec (2.0.1)
      rspec-core (~> 2.0.1)
      rspec-expectations (~> 2.0.1)
      rspec-mocks (~> 2.0.1)
    rspec-core (2.0.1)
    rspec-expectations (2.0.1)
      diff-lcs (>= 1.1.2)
    rspec-mocks (2.0.1)
      rspec-core (~> 2.0.1)
      rspec-expectations (~> 2.0.1)
    ruby-debug (0.10.4)
      columnize (>= 0.1)
      ruby-debug-base (~> 0.10.4.0)
    ruby-debug-base (0.10.4)
      linecache (>= 0.3)
    ruby-debug-base19 (0.11.25)
      columnize (>= 0.3.1)
      linecache19 (>= 0.5.11)
      ruby_core_source (>= 0.1.4)
    ruby-debug19 (0.11.6)
      columnize (>= 0.3.1)
      linecache19 (>= 0.5.11)
      ruby-debug-base19 (>= 0.11.19)
    ruby_core_source (0.1.5)
      archive-tar-minitar (>= 0.5.2)
    tzinfo (0.3.28)

PLATFORMS
  ruby

DEPENDENCIES
  SystemTimer
  activesupport (~> 3.0.9)
  bson_ext (~> 1.3.0)
  carrierwave
  database_cleaner
  mocha!
  mongoid (= 2.0.2)
  rake
  rdoc
  rspec (~> 2.0.0)
  ruby-debug
  ruby-debug19
