PATH
  remote: .
  specs:
    custom_fields (2.2.0)
      activesupport (~> 3.2.13)
      carrierwave-mongoid (~> 0.5.0)
      money (~> 5.0)
      mongoid (~> 3.1.3)
      mongoid-tags-arent-hard

GEM
  remote: https://rubygems.org/
  specs:
    RedCloth (4.2.9)
    SystemTimer (1.2.3)
    activemodel (3.2.13)
      activesupport (= 3.2.13)
      builder (~> 3.0.0)
    activesupport (3.2.13)
      i18n (= 0.6.1)
      multi_json (~> 1.0)
    builder (3.0.4)
    carrierwave (0.8.0)
      activemodel (>= 3.2.0)
      activesupport (>= 3.2.0)
    carrierwave-mongoid (0.5.0)
      carrierwave (~> 0.8.0)
      mongoid (~> 3.0)
      mongoid-grid_fs (~> 1.3)
    coderay (1.0.9)
    database_cleaner (0.9.1)
    diff-lcs (1.2.4)
    i18n (0.6.1)
    method_source (0.8.1)
    mime-types (1.23)
    mocha (0.9.12)
    money (5.1.1)
      i18n (~> 0.6.0)
    mongoid (3.1.3)
      activemodel (~> 3.2)
      moped (~> 1.4.2)
      origin (~> 1.0)
      tzinfo (~> 0.3.22)
    mongoid-grid_fs (1.8.0)
      mime-types (~> 1.19)
      mongoid (~> 3.0)
    mongoid-tags-arent-hard (1.1.3)
      mongoid (>= 3.0.0)
    moped (1.4.5)
    multi_json (1.7.2)
    origin (1.1.0)
    pry (0.9.12.1)
      coderay (~> 1.0.5)
      method_source (~> 0.8)
      slop (~> 3.4)
    rake (10.0.4)
    rspec (2.13.0)
      rspec-core (~> 2.13.0)
      rspec-expectations (~> 2.13.0)
      rspec-mocks (~> 2.13.0)
    rspec-core (2.13.1)
    rspec-expectations (2.13.0)
      diff-lcs (>= 1.1.3, < 2.0)
    rspec-mocks (2.13.1)
    simplecov (0.6.4)
      multi_json (~> 1.0)
      simplecov-html (~> 0.5.3)
    simplecov-html (0.5.3)
    slop (3.4.4)
    tzinfo (0.3.37)
    yard (0.7.5)

PLATFORMS
  ruby

DEPENDENCIES
  RedCloth (~> 4.2.8)
  SystemTimer
  custom_fields!
  database_cleaner (~> 0.9.1)
  mocha (~> 0.9.12)
  pry
  rake
  rspec (~> 2.6)
  simplecov (~> 0.6.1)
  yard (~> 0.7.3)
