PATH
  remote: .
  specs:
    custom_fields (3.0.2)
      activesupport (~> 3.2.9)
      carrierwave-mongoid (>= 0.4.0)
      mongoid (>= 3.0.0)

GEM
  remote: https://rubygems.org/
  specs:
    RedCloth (4.2.9)
    SystemTimer (1.2.3)
    activemodel (3.2.12)
      activesupport (= 3.2.12)
      builder (~> 3.0.0)
    activesupport (3.2.12)
      i18n (~> 0.6)
      multi_json (~> 1.0)
    builder (3.0.4)
    carrierwave (0.8.0)
      activemodel (>= 3.2.0)
      activesupport (>= 3.2.0)
    carrierwave-mongoid (0.5.0)
      carrierwave (~> 0.8.0)
      mongoid (~> 3.0)
      mongoid-grid_fs (~> 1.3)
    coderay (1.0.7)
    database_cleaner (0.9.1)
    diff-lcs (1.1.3)
    i18n (0.6.4)
    method_source (0.7.1)
    mime-types (1.21)
    mocha (0.9.12)
    mongoid (3.1.2)
      activemodel (~> 3.2)
      moped (~> 1.4.2)
      origin (~> 1.0)
      tzinfo (~> 0.3.22)
    mongoid-grid_fs (1.7.0)
      mime-types (~> 1.19)
      mongoid (~> 3.0)
    moped (1.4.3)
    multi_json (1.3.6)
    origin (1.0.11)
    pry (0.9.9.6)
      coderay (~> 1.0.5)
      method_source (~> 0.7.1)
      slop (>= 2.4.4, < 3)
    rake (0.9.2.2)
    rspec (2.11.0)
      rspec-core (~> 2.11.0)
      rspec-expectations (~> 2.11.0)
      rspec-mocks (~> 2.11.0)
    rspec-core (2.11.1)
    rspec-expectations (2.11.2)
      diff-lcs (~> 1.1.3)
    rspec-mocks (2.11.1)
    simplecov (0.6.4)
      multi_json (~> 1.0)
      simplecov-html (~> 0.5.3)
    simplecov-html (0.5.3)
    slop (2.4.4)
    tzinfo (0.3.37)
    yard (0.7.5)

PLATFORMS
  ruby

DEPENDENCIES
  RedCloth (~> 4.2.8)
  SystemTimer
  custom_fields!
  database_cleaner (~> 0.9.1)
  mocha (~> 0.9.12)
  pry
  rake
  rspec (~> 2.6)
  simplecov (~> 0.6.1)
  yard (~> 0.7.3)
